GEM
  remote: https://rubygems.org/
  specs:
    colorator (0.1)
    ffi (1.9.14)
    jekyll (3.1.6)
      colorator (~> 0.1)
      jekyll-sass-converter (~> 1.0)
      jekyll-watch (~> 1.1)
      kramdown (~> 1.3)
      liquid (~> 3.0)
      mercenary (~> 0.3.3)
      rouge (~> 1.7)
      safe_yaml (~> 1.0)
    jekyll-sass-converter (1.4.0)
      sass (~> 3.4)
    jekyll-watch (1.5.0)
      listen (~> 3.0, < 3.1)
    kgio (2.10.0)
    kramdown (1.11.1)
    lanyon (0.3.3)
      jekyll (>= 2.0, < 4.0)
      rack (~> 1.6)
    liquid (3.0.6)
    listen (3.0.8)
      rb-fsevent (~> 0.9, >= 0.9.4)
      rb-inotify (~> 0.9, >= 0.9.7)
    mercenary (0.3.6)
    mini_portile2 (2.1.0)
    multipart_body (0.2.1)
    nokogiri (1.6.8)
      mini_portile2 (~> 2.1.0)
      pkg-config (~> 1.1.7)
    paint (0.9.0)
    pkg-config (1.1.7)
    rack (1.6.4)
    rack-protection (1.5.3)
      rack
    rack-rewrite (1.5.1)
    rack-ssl (1.4.1)
      rack
    raindrops (0.16.0)
    rake (11.2.2)
    rb-fsevent (0.9.7)
    rb-inotify (0.9.7)
      ffi (>= 0.5.0)
    rouge (1.11.1)
    safe_yaml (1.0.4)
    sass (3.4.22)
    spidr (0.5.0)
      nokogiri (~> 1.3)
    unicorn (5.1.0)
      kgio (~> 2.6)
      raindrops (~> 0.7)
    validate-website (0.9.5)
      multipart_body (~> 0.2)
      paint (~> 0.8)
      spidr (~> 0.4)

PLATFORMS
  ruby

DEPENDENCIES
  jekyll (~> 3.0)
  lanyon (~> 0.3.1)
  rack-protection
  rack-rewrite
  rack-ssl
  rake
  rouge (~> 1.10)
  spidr (~> 0.4)
  unicorn
  validate-website (~> 0.9)

RUBY VERSION
   ruby 2.3.1p112

BUNDLED WITH
   1.12.5
