GIT
  remote: git://github.com/stomar/rack-jekyll.git
  revision: d39334a3944d6ace783c6b17d96e556d263773a1
  ref: allow-jekyll-2
  specs:
    rack-jekyll (0.4.1)
      jekyll (>= 1.3)
      rack (~> 1.5)

GEM
  remote: https://rubygems.org/
  specs:
    blankslate (2.1.2.4)
    celluloid (0.16.0)
      timers (~> 4.0.0)
    classifier-reborn (2.0.3)
      fast-stemmer (~> 1.0)
    coffee-script (2.4.1)
      coffee-script-source
      execjs
    coffee-script-source (1.9.1.1)
    colorator (0.1)
    execjs (2.5.2)
    fast-stemmer (1.0.2)
    ffi (1.9.8)
    hitimes (1.2.2)
    jekyll (2.5.3)
      classifier-reborn (~> 2.0)
      colorator (~> 0.1)
      jekyll-coffeescript (~> 1.0)
      jekyll-gist (~> 1.0)
      jekyll-paginate (~> 1.0)
      jekyll-sass-converter (~> 1.0)
      jekyll-watch (~> 1.1)
      kramdown (~> 1.3)
      liquid (~> 2.6.1)
      mercenary (~> 0.3.3)
      pygments.rb (~> 0.6.0)
      redcarpet (~> 3.1)
      safe_yaml (~> 1.0)
      toml (~> 0.1.0)
    jekyll-coffeescript (1.0.1)
      coffee-script (~> 2.2)
    jekyll-gist (1.2.1)
    jekyll-paginate (1.1.0)
    jekyll-sass-converter (1.3.0)
      sass (~> 3.2)
    jekyll-watch (1.2.1)
      listen (~> 2.7)
    kgio (2.9.3)
    kramdown (1.7.0)
    liquid (2.6.2)
    listen (2.10.0)
      celluloid (~> 0.16.0)
      rb-fsevent (>= 0.9.3)
      rb-inotify (>= 0.9)
    mercenary (0.3.5)
    mini_portile (0.6.2)
    multipart_body (0.2.1)
    nokogiri (1.6.6.2)
      mini_portile (~> 0.6.0)
    paint (0.9.0)
    parslet (1.5.0)
      blankslate (~> 2.0)
    posix-spawn (0.3.11)
    pygments.rb (0.6.3)
      posix-spawn (~> 0.3.6)
      yajl-ruby (~> 1.2.0)
    rack (1.6.1)
    rack-protection (1.5.3)
      rack
    rack-rewrite (1.5.1)
    rack-ssl (1.4.1)
      rack
    raindrops (0.13.0)
    rake (10.4.2)
    rb-fsevent (0.9.5)
    rb-inotify (0.9.5)
      ffi (>= 0.5.0)
    redcarpet (3.2.3)
    safe_yaml (1.0.4)
    sass (3.4.14)
    spidr (0.4.1)
      nokogiri (~> 1.3)
    timers (4.0.1)
      hitimes
    toml (0.1.2)
      parslet (~> 1.5.0)
    unicorn (4.9.0)
      kgio (~> 2.6)
      rack
      raindrops (~> 0.7)
    validate-website (0.9.5)
      multipart_body (~> 0.2)
      paint (~> 0.8)
      spidr (~> 0.4)
    yajl-ruby (1.2.1)

PLATFORMS
  ruby

DEPENDENCIES
  jekyll (~> 2.0)
  rack-jekyll (= 0.4.1)!
  rack-protection
  rack-rewrite
  rack-ssl
  rake (~> 10.0)
  spidr (~> 0.4)
  unicorn
  validate-website (~> 0.9)

