GEM
  remote: https://rubygems.org/
  specs:
    addressable (2.5.2)
      public_suffix (>= 2.0.2, < 4.0)
    colorator (1.1.0)
    concurrent-ruby (1.1.3)
    crass (1.0.4)
    em-websocket (0.5.1)
      eventmachine (>= 0.12.9)
      http_parser.rb (~> 0.6.0)
    eventmachine (1.2.7)
    ffi (1.9.25)
    forwardable-extended (2.6.0)
    http_parser.rb (0.6.0)
    i18n (0.9.5)
      concurrent-ruby (~> 1.0)
    jekyll (3.8.5)
      addressable (~> 2.4)
      colorator (~> 1.0)
      em-websocket (~> 0.5)
      i18n (~> 0.7)
      jekyll-sass-converter (~> 1.0)
      jekyll-watch (~> 2.0)
      kramdown (~> 1.14)
      liquid (~> 4.0)
      mercenary (~> 0.3.3)
      pathutil (~> 0.9)
      rouge (>= 1.7, < 4)
      safe_yaml (~> 1.0)
    jekyll-sass-converter (1.5.2)
      sass (~> 3.4)
    jekyll-watch (2.1.2)
      listen (~> 3.0)
    json (2.1.0)
    kgio (2.11.2)
    kramdown (1.17.0)
    lanyon (0.4.0)
      jekyll (>= 2.0, < 4.0)
      rack (>= 1.6, < 3.0)
    liquid (4.0.1)
    listen (3.1.5)
      rb-fsevent (~> 0.9, >= 0.9.4)
      rb-inotify (~> 0.9, >= 0.9.7)
      ruby_dep (~> 1.2)
    mercenary (0.3.6)
    mini_portile2 (2.3.0)
    minitest (5.11.3)
    nokogiri (1.8.5)
      mini_portile2 (~> 2.3.0)
    paint (1.0.1)
    pathutil (0.16.2)
      forwardable-extended (~> 2.6)
    public_suffix (3.0.3)
    rack (2.0.6)
    rack-protection (2.0.4)
      rack
    rack-rewrite (1.5.1)
    rack-ssl (1.4.1)
      rack
    raindrops (0.19.0)
    rake (12.3.1)
    rb-fsevent (0.10.3)
    rb-inotify (0.9.10)
      ffi (>= 0.5.0, < 2)
    rouge (1.11.1)
    ruby_dep (1.5.0)
    safe_yaml (1.0.4)
    sass (3.7.1)
      sass-listen (~> 4.0.0)
    sass-listen (4.0.0)
      rb-fsevent (~> 0.9, >= 0.9.4)
      rb-inotify (~> 0.9, >= 0.9.7)
    slop (4.6.2)
    spidr (0.6.0)
      nokogiri (~> 1.3)
    sq_mini_racer (0.2.3.sqreen4)
    sqreen (1.15.3)
      sq_mini_racer (~> 0.2.2.sqreen1)
    tidy_ffi (0.1.6)
      ffi (~> 1.2)
    unicorn (5.4.1)
      kgio (~> 2.6)
      raindrops (~> 0.7)
    validate-website (1.8.1)
      crass (~> 1)
      paint (~> 1)
      slop (~> 4.2)
      spidr (~> 0.6)
      tidy_ffi (~> 0.1)
      w3c_validators (~> 1.3)
    w3c_validators (1.3.4)
      json (>= 1.8)
      nokogiri (~> 1.6)

PLATFORMS
  ruby

DEPENDENCIES
  jekyll (~> 3.0)
  lanyon (~> 0.4.0)
  minitest
  rack-protection
  rack-rewrite
  rack-ssl
  rake
  rouge (~> 1.10)
  spidr (~> 0.6)
  sqreen
  unicorn
  validate-website (~> 1.6)

RUBY VERSION
   ruby 2.5.1p57

BUNDLED WITH
   1.17.1
